GEM
  remote: http://rubygems.org/
  specs:
    chunky_png (1.2.6)
    compass (0.12.2)
      chunky_png (~> 1.2)
      fssm (>= 0.2.7)
      sass (~> 3.1)
    fssm (0.2.9)
    haml (3.1.7)
    rack (1.4.1)
    rdiscount (1.6.8)
    sass (3.2.3)
    staticpress (0.6.2)
      bundler
      rack
      thor
      tilt
    thor (0.16.0)
    tilt (1.3.3)

PLATFORMS
  ruby

DEPENDENCIES
  compass
  haml
  rdiscount
  sass
  staticpress
